NUGET
  remote: https://www.nuget.org/api/v2
  specs:
    FAKE (4.21)
    NuGet.CommandLine (3.4.3)
    paket.bootstrapper (2.46)
